GEM
  remote: https://rubygems.org/
  specs:
    dotenv (2.4.0)
    mini_portile2 (2.3.0)
    nokogiri (1.8.5)
      mini_portile2 (~> 2.3.0)

PLATFORMS
  ruby

DEPENDENCIES
  dotenv (~> 2.4.0)
  nokogiri (~> 1.8.5)

BUNDLED WITH
   1.17.2
